GEM
  remote: https://rubygems.org/
  specs:
    activesupport (7.0.2.3)
      concurrent-ruby (~> 1.0, >= 1.0.2)
      i18n (>= 1.6, < 2)
      minitest (>= 5.1)
      tzinfo (~> 2.0)
    concurrent-ruby (1.1.10)
    diff-lcs (1.5.0)
    ethon (0.15.0)
      ffi (>= 1.15.0)
    ffi (1.15.5)
    i18n (1.10.0)
      concurrent-ruby (~> 1.0)
    json (2.6.1)
    minitest (5.15.0)
    oj (3.13.11)
    pastel (0.8.0)
      tty-color (~> 0.5)
    rainbow (3.1.1)
    respec (0.9.1)
      rspec (>= 2.11)
    rouge (1.11.1)
    rspec (3.11.0)
      rspec-core (~> 3.11.0)
      rspec-expectations (~> 3.11.0)
      rspec-mocks (~> 3.11.0)
    rspec-core (3.11.0)
      rspec-support (~> 3.11.0)
    rspec-expectations (3.11.0)
      diff-lcs (>= 1.2.0, < 2.0)
      rspec-support (~> 3.11.0)
    rspec-mocks (3.11.0)
      diff-lcs (>= 1.2.0, < 2.0)
      rspec-support (~> 3.11.0)
    rspec-support (3.11.0)
    rspec_html_reporter (1.0.3)
      activesupport
      rouge (~> 1.6)
      rspec
    strings (0.2.1)
      strings-ansi (~> 0.2)
      unicode-display_width (>= 1.5, < 3.0)
      unicode_utils (~> 1.4)
    strings-ansi (0.2.0)
    tty-box (0.7.0)
      pastel (~> 0.8)
      strings (~> 0.2.0)
      tty-cursor (~> 0.7)
    tty-color (0.6.0)
    tty-cursor (0.7.1)
    tty-progressbar (0.18.2)
      strings-ansi (~> 0.2)
      tty-cursor (~> 0.7)
      tty-screen (~> 0.8)
      unicode-display_width (>= 1.6, < 3.0)
    tty-prompt (0.23.1)
      pastel (~> 0.8)
      tty-reader (~> 0.8)
    tty-reader (0.9.0)
      tty-cursor (~> 0.7)
      tty-screen (~> 0.8)
      wisper (~> 2.0)
    tty-screen (0.8.1)
    tty-table (0.12.0)
      pastel (~> 0.8)
      strings (~> 0.2.0)
      tty-screen (~> 0.8)
    typhoeus (1.4.0)
      ethon (>= 0.9.0)
    tzinfo (2.0.4)
      concurrent-ruby (~> 1.0)
    unicode-display_width (2.1.0)
    unicode_utils (1.4.0)
    wisper (2.0.1)

PLATFORMS
  x86_64-linux

DEPENDENCIES
  json (~> 2.6)
  oj (~> 3.13)
  rainbow
  respec
  rspec_html_reporter
  tty-box
  tty-progressbar
  tty-prompt
  tty-screen (~> 0.8.1)
  tty-table (~> 0.12.0)
  typhoeus

BUNDLED WITH
   2.3.9
